GEM
  remote: http://rubygems.org/
  specs:
    RedCloth (4.2.9)
    RedCloth (4.2.9-x86-mingw32)
    chingu (0.9rc7)
      gosu (>= 0.7.33)
      gosu (>= 0.7.33)
    chipmunk (5.3.4.5)
    chipmunk (5.3.4.5-x86-mingw32)
    clipboard (0.9.9)
    coderay (0.9.8)
    crack (0.3.1)
    cri (2.1.0)
    faster_xml_simple (0.5.0)
      libxml-ruby (>= 0.3.8.4)
    ffi (1.0.9)
    ffi (1.0.9-x86-mingw32)
    fidgit (0.1.10)
      chingu (~> 0.9rc7)
      clipboard (~> 0.9.9)
      ffi (= 1.0.9)
      gosu (~> 0.7.33)
    gosu (0.7.41)
    gosu (0.7.41-x86-mingw32)
    httpclient (2.2.4)
    json (1.6.5)
    libxml-ruby (2.2.2-x86-mingw32)
    method_source (0.6.7)
      ruby_parser (>= 2.3.1)
    mime-types (1.17.2)
    net-github-upload (0.0.7)
      faster_xml_simple
      httpclient
      json
      nokogiri (>= 1.4.0)
    nokogiri (1.5.0-x86-mingw32)
    ocra (1.3.0)
    pry (0.9.7.4)
      coderay (~> 0.9.8)
      method_source (~> 0.6.7)
      ruby_parser (>= 2.3.1)
      slop (~> 2.1.0)
    pry (0.9.7.4-x86-mingw32)
      coderay (~> 0.9.8)
      method_source (~> 0.6.7)
      ruby_parser (>= 2.3.1)
      slop (~> 2.1.0)
      win32console (~> 1.3.0)
    pry-remote (0.1.0)
      pry (~> 0.9.6)
      slop (~> 2.1)
    rake (0.9.2.2)
    releasy (0.2.0)
      cri (~> 2.1.0)
      net-github-upload (~> 0.0.7)
      ocra (~> 1.3.0)
      rake (~> 0.9.2.2)
      thor (~> 0.14.6)
    rest-client (1.6.7)
      mime-types (>= 1.16)
    ruby_parser (2.3.1)
      sexp_processor (~> 3.0)
    sexp_processor (3.0.9)
    slop (2.1.0)
    texplay (0.3.5)
      gosu (>= 0.7.25)
    texplay (0.3.5-x86-mingw32)
      gosu (>= 0.7.25)
    thor (0.14.6)
    win32console (1.3.0-x86-mingw32)

PLATFORMS
  ruby
  x86-mingw32

DEPENDENCIES
  RedCloth (~> 4.2.9)
  chingu (~> 0.9rc7)
  chipmunk (~> 5.3.4.5)
  crack (~> 0.3.1)
  fidgit (~> 0.1.10)
  gosu (~> 0.7.41)
  ocra (~> 1.3.0)
  pry (~> 0.9.7.4)
  pry-remote (~> 0.1.0)
  releasy (~> 0.2.0)
  rest-client (~> 1.6.7)
  texplay (~> 0.3)
