GEM
  remote: http://gemcutter.org/
  specs:
    chingu (0.9rc7)
      gosu (>= 0.7.33)
      gosu (>= 0.7.33)
    chipmunk (5.3.4.4)
    chipmunk (5.3.4.4-x86-mingw32)
    gosu (0.7.40)
    gosu (0.7.40-x86-mingw32)
    texplay (0.3.5)
      gosu (>= 0.7.25)
    texplay (0.3.5-x86-mingw32)
      gosu (>= 0.7.25)

PLATFORMS
  ruby
  x86-mingw32

DEPENDENCIES
  chingu (~> 0.9rc7)
  chipmunk (~> 5.3.4)
  gosu (~> 0.7.40)
  texplay (~> 0.3.5)
